GIT
  remote: git://github.com/wycats/guides.git
  revision: 5ad7ae9bc10786501d16fb2fd06b727627c93703
  specs:
    guides (0.5.0)
      RedCloth (~> 4.1.1)
      actionpack (~> 3.0.0)
      activesupport (~> 3.0.0)
      rack (~> 1.2.1)
      thor (~> 0.14.6)

GEM
  remote: http://rubygems.org/
  specs:
    RedCloth (4.1.9)
    abstract (1.0.0)
    actionpack (3.0.3)
      activemodel (= 3.0.3)
      activesupport (= 3.0.3)
      builder (~> 2.1.2)
      erubis (~> 2.6.6)
      i18n (~> 0.4)
      rack (~> 1.2.1)
      rack-mount (~> 0.6.13)
      rack-test (~> 0.5.6)
      tzinfo (~> 0.3.23)
    activemodel (3.0.3)
      activesupport (= 3.0.3)
      builder (~> 2.1.2)
      i18n (~> 0.4)
    activesupport (3.0.3)
    builder (2.1.2)
    erubis (2.6.6)
      abstract (>= 1.0.0)
    i18n (0.5.0)
    rack (1.2.1)
    rack-mount (0.6.13)
      rack (>= 1.0.0)
    rack-test (0.5.7)
      rack (>= 1.0)
    thor (0.14.6)
    tzinfo (0.3.23)

PLATFORMS
  ruby

DEPENDENCIES
  guides!
